GEM
  remote: https://rubygems.org/
  specs:
    blankslate (2.1.2.4)
    coderay (1.1.0)
    json (1.8.0)
    liner (0.2.1)
    method_source (0.8.2)
    minitest (5.0.6)
    parslet (1.5.0)
      blankslate (~> 2.0)
    pry (0.9.12.6)
      coderay (~> 1.0)
      method_source (~> 0.8)
      slop (~> 3.4)
    rack (1.5.2)
    rack-protection (1.5.1)
      rack
    rack-test (0.6.2)
      rack (>= 1.0)
    rake (10.1.0)
    signed_multiset (0.2.0)
    sinatra (1.4.4)
      rack (~> 1.4)
      rack-protection (~> 1.4)
      tilt (~> 1.3, >= 1.3.4)
    slop (3.4.7)
    tilt (1.4.1)
    unitwise (0.3.1)
      liner (~> 0.2.1)
      parslet (~> 1.5.0)
      signed_multiset (~> 0.2.0)

PLATFORMS
  ruby

DEPENDENCIES
  json (~> 1.8.0)
  minitest (~> 5.0.6)
  pry (~> 0.9.12)
  rack-test (~> 0.6.2)
  rake (~> 10.1.0)
  sinatra (~> 1.4.4)
  unitwise (~> 0.3)
