GEM
  remote: https://rubygems.org/
  specs:
    activesupport (3.2.18)
      i18n (~> 0.6, >= 0.6.4)
      multi_json (~> 1.0)
    blankslate (2.1.2.4)
    coderay (1.1.0)
    i18n (0.6.9)
    jbuilder (2.0.7)
      activesupport (>= 3.0.0, < 5)
      multi_json (~> 1.2)
    json (1.8.1)
    liner (0.2.2)
    method_source (0.8.2)
    minitest (5.0.8)
    multi_json (1.10.1)
    parslet (1.6.0)
      blankslate (~> 2.0)
    pry (0.9.12.6)
      coderay (~> 1.0)
      method_source (~> 0.8)
      slop (~> 3.4)
    rack (1.5.2)
    rack-protection (1.5.3)
      rack
    rack-test (0.6.2)
      rack (>= 1.0)
    rake (10.1.1)
    signed_multiset (0.2.0)
    sinatra (1.4.5)
      rack (~> 1.4)
      rack-protection (~> 1.4)
      tilt (~> 1.3, >= 1.3.4)
    slop (3.5.0)
    tilt (1.4.1)
    tilt-jbuilder (0.6.0)
      jbuilder
      tilt (<= 1.5.0)
    unitwise (0.6.0)
      liner (~> 0.2)
      parslet (~> 1.5)
      signed_multiset (~> 0.2)

PLATFORMS
  ruby

DEPENDENCIES
  json (~> 1.8.0)
  minitest (~> 5.0.6)
  pry (~> 0.9.12)
  rack-test (~> 0.6.2)
  rake (~> 10.1.0)
  sinatra (~> 1.4.4)
  tilt-jbuilder (~> 0.6.0)
  unitwise (~> 0.6)
