GIT
  remote: git://github.com/joshwlewis/unitwise.git
  revision: d8b92b21a1a5b153833b790ee19fad7143d1bc6f
  specs:
    unitwise (1.0.3)
      liner (~> 0.2)
      memoizable (~> 0.4)
      parslet (~> 1.5.0)
      signed_multiset (~> 0.2)

GEM
  remote: https://rubygems.org/
  specs:
    blankslate (2.1.2.4)
    coderay (1.1.0)
    json (1.8.1)
    liner (0.2.4)
    memoizable (0.4.2)
      thread_safe (~> 0.3, >= 0.3.1)
    method_source (0.8.2)
    mindtrick (0.0.5)
      redis (~> 3.0)
    minitest (5.0.8)
    parslet (1.5.0)
      blankslate (~> 2.0)
    pry (0.9.12.6)
      coderay (~> 1.0)
      method_source (~> 0.8)
      slop (~> 3.4)
    puma (2.9.0)
      rack (>= 1.1, < 2.0)
    rack (1.5.2)
    rack-cors (0.2.9)
    rack-protection (1.5.3)
      rack
    rack-test (0.6.2)
      rack (>= 1.0)
    rake (10.1.1)
    redis (3.1.0)
    signed_multiset (0.2.1)
    sinatra (1.4.5)
      rack (~> 1.4)
      rack-protection (~> 1.4)
      tilt (~> 1.3, >= 1.3.4)
    slop (3.6.0)
    thread_safe (0.3.4)
    tilt (1.4.1)

PLATFORMS
  ruby

DEPENDENCIES
  json (~> 1.8.0)
  mindtrick (~> 0.0)
  minitest (~> 5.0.6)
  pry (~> 0.9.12)
  puma (~> 2.9.0)
  rack-cors (~> 0.2.9)
  rack-test (~> 0.6.2)
  rake (~> 10.1.0)
  sinatra (~> 1.4.4)
  unitwise!
