GEM
  remote: https://rubygems.org/
  specs:
    blankslate (2.1.2.4)
    json (1.8.0)
    minitest (2.5.1)
    parslet (1.5.0)
      blankslate (~> 2.0)
    rack (1.5.2)
    rack-protection (1.5.1)
      rack
    rack-test (0.6.2)
      rack (>= 1.0)
    rake (10.1.0)
    signed_multiset (0.2.0)
    sinatra (1.4.4)
      rack (~> 1.4)
      rack-protection (~> 1.4)
      tilt (~> 1.3, >= 1.3.4)
    tilt (1.4.1)
    unitwise (0.2.1)
      parslet
      signed_multiset

PLATFORMS
  ruby

DEPENDENCIES
  json
  minitest
  rack-test
  rake
  sinatra
  unitwise
