GEM
  remote: https://rubygems.org/
  specs:
    coderay (1.1.3)
    foreman (0.87.2)
    json (2.6.2)
    liner (0.2.4)
    memoizable (0.4.2)
      thread_safe (~> 0.3, >= 0.3.1)
    method_source (1.0.0)
    mindtrick (0.0.5)
      redis (~> 3.0)
    minitest (5.16.3)
    mock_redis (0.34.0)
      ruby2_keywords
    mustermann (3.0.0)
      ruby2_keywords (~> 0.0.1)
    nio4r (2.5.8)
    parslet (2.0.0)
    pry (0.14.1)
      coderay (~> 1.1)
      method_source (~> 1.0)
    puma (6.0.0)
      nio4r (~> 2.0)
    rack (2.2.4)
    rack-cors (1.1.1)
      rack (>= 2.0.0)
    rack-protection (3.0.4)
      rack
    rack-test (2.0.2)
      rack (>= 1.3)
    rake (13.0.6)
    redis (3.3.5)
    ruby2_keywords (0.0.5)
    signed_multiset (0.2.1)
    sinatra (3.0.4)
      mustermann (~> 3.0)
      rack (~> 2.2, >= 2.2.4)
      rack-protection (= 3.0.4)
      tilt (~> 2.0)
    thread_safe (0.3.6)
    tilt (2.0.11)
    unitwise (2.3.0)
      liner (~> 0.2)
      memoizable (~> 0.4)
      parslet (~> 2.0)
      signed_multiset (~> 0.2)

PLATFORMS
  arm64-darwin-21

DEPENDENCIES
  foreman
  json (~> 2.6.2)
  mindtrick (~> 0.0)
  minitest
  mock_redis
  pry
  puma (~> 6.0.0)
  rack-cors (~> 1.1.1)
  rack-test
  rake
  sinatra (~> 3.0.4)
  unitwise (~> 2.3.0)

RUBY VERSION
   ruby 3.1.3p185

BUNDLED WITH
   2.3.26
